PATH
  remote: .
  specs:
    openxml-docx (0.11.2)
      nokogiri
      openxml-drawingml
      openxml-package (>= 0.2.2)
      ox (~> 2.9)

GEM
  remote: https://rubygems.org/
  specs:
    coderay (1.1.2)
    diff-lcs (1.3)
    docile (1.3.2)
    method_source (1.0.0)
    mini_portile2 (2.4.0)
    nokogiri (1.10.9)
      mini_portile2 (~> 2.4.0)
    openxml-drawingml (0.2.0)
      nokogiri
      openxml-package (~> 0.3.2)
    openxml-package (0.3.3)
      nokogiri
      ox
      rubyzip (~> 1.2.2)
    ox (2.13.2)
    pry (0.13.1)
      coderay (~> 1.1)
      method_source (~> 1.0)
    rake (13.0.1)
    rr (1.2.1)
    rspec (3.9.0)
      rspec-core (~> 3.9.0)
      rspec-expectations (~> 3.9.0)
      rspec-mocks (~> 3.9.0)
    rspec-core (3.9.2)
      rspec-support (~> 3.9.3)
    rspec-expectations (3.9.2)
      diff-lcs (>= 1.2.0, < 2.0)
      rspec-support (~> 3.9.0)
    rspec-mocks (3.9.1)
      diff-lcs (>= 1.2.0, < 2.0)
      rspec-support (~> 3.9.0)
    rspec-support (3.9.3)
    rubyzip (1.2.4)
    simplecov (0.18.5)
      docile (~> 1.1)
      simplecov-html (~> 0.11)
    simplecov-html (0.12.2)
    timecop (0.9.1)

PLATFORMS
  ruby

DEPENDENCIES
  openxml-docx!
  pry
  rake
  rr
  rspec
  simplecov
  timecop

BUNDLED WITH
   2.1.4
