PATH
  remote: .
  specs:
    rocx (0.1.2)
      dimensions
      libxml-ruby
      rubyzip

GEM
  remote: https://rubygems.org/
  specs:
    coderay (1.0.9)
    diff-lcs (1.2.2)
    dimensions (1.2.0)
    libxml-ruby (2.4.0)
    method_source (0.8.1)
    multi_json (1.7.2)
    pry (0.9.12)
      coderay (~> 1.0.5)
      method_source (~> 0.8)
      slop (~> 3.4)
    rake (10.0.4)
    rspec (2.13.0)
      rspec-core (~> 2.13.0)
      rspec-expectations (~> 2.13.0)
      rspec-mocks (~> 2.13.0)
    rspec-core (2.13.1)
    rspec-expectations (2.13.0)
      diff-lcs (>= 1.1.3, < 2.0)
    rspec-mocks (2.13.1)
    rubyzip (0.9.9)
    simplecov (0.7.1)
      multi_json (~> 1.0)
      simplecov-html (~> 0.7.1)
    simplecov-html (0.7.1)
    slop (3.4.4)
    timecop (0.5.7)

PLATFORMS
  ruby

DEPENDENCIES
  pry
  rake
  rocx!
  rspec
  simplecov
  timecop
