PATH
  remote: .
  specs:
    rocx (0.2.0)
      nokogiri

GEM
  remote: https://rubygems.org/
  specs:
    ansi (1.4.3)
    coderay (1.0.9)
    method_source (0.8.1)
    mini_portile (0.5.2)
    multi_json (1.7.2)
    nokogiri (1.6.1)
      mini_portile (~> 0.5.0)
    pry (0.9.12)
      coderay (~> 1.0.5)
      method_source (~> 0.8)
      slop (~> 3.4)
    rake (10.0.4)
    shoulda-context (1.1.6)
    simplecov (0.7.1)
      multi_json (~> 1.0)
      simplecov-html (~> 0.7.1)
    simplecov-html (0.7.1)
    slop (3.4.4)
    timecop (0.6.3)
    turn (0.9.6)
      ansi

PLATFORMS
  ruby

DEPENDENCIES
  pry
  rake
  rocx!
  shoulda-context
  simplecov
  timecop
  turn
